PATH
  remote: .
  specs:
    Chizuru (0.0.1)
      oauth
      yajl-ruby

GEM
  remote: https://rubygems.org/
  specs:
    oauth (0.4.7)
    rake (10.0.4)
    yajl-ruby (1.1.0)

PLATFORMS
  ruby

DEPENDENCIES
  Chizuru!
  bundler (~> 1.3)
  rake
