GEM
  remote: https://rubygems.org/
  specs:
    oauth (0.4.7)
    yajl-ruby (1.1.0)

PLATFORMS
  ruby

DEPENDENCIES
  oauth
  yajl-ruby
